PATH
  remote: .
  specs:
    slacky (0.1.1)
      dotenv
      em-cron
      eventmachine
      faye-websocket
      pg
      slack-ruby-client (>= 0.6)
      tzinfo
      tzinfo-data

GEM
  remote: http://rubygems.org/
  specs:
    activesupport (4.2.6)
      i18n (~> 0.7)
      json (~> 1.7, >= 1.7.7)
      minitest (~> 5.1)
      thread_safe (~> 0.3, >= 0.3.4)
      tzinfo (~> 1.1)
    dotenv (2.1.1)
    em-cron (0.2.0)
      eventmachine
      parse-cron (~> 0.1)
    eventmachine (1.2.0.1)
    factory_girl (4.7.0)
      activesupport (>= 3.0.0)
    faraday (0.9.2)
      multipart-post (>= 1.2, < 3)
    faraday_middleware (0.10.0)
      faraday (>= 0.7.4, < 0.10)
    faye-websocket (0.10.4)
      eventmachine (>= 0.12.0)
      websocket-driver (>= 0.5.1)
    gli (2.14.0)
    hashie (3.4.4)
    i18n (0.7.0)
    json (1.8.3)
    minitest (5.8.4)
    multipart-post (2.0.0)
    parse-cron (0.1.4)
    pg (0.18.4)
    rake (11.1.2)
    slack-ruby-client (0.7.3)
      activesupport
      faraday
      faraday_middleware
      gli
      hashie
      json
      websocket-driver
    thread_safe (0.3.5)
    tzinfo (1.2.2)
      thread_safe (~> 0.1)
    tzinfo-data (1.2016.4)
      tzinfo (>= 1.0.0)
    websocket-driver (0.6.4)
      websocket-extensions (>= 0.1.0)
    websocket-extensions (0.1.2)

PLATFORMS
  ruby

DEPENDENCIES
  factory_girl
  minitest
  rake
  slacky!
